PATH
  remote: .
  specs:
    pdns (1.1.0)
      httparty (>= 0.17.0)
      json (~> 2.1)

GEM
  remote: https://rubygems.org/
  specs:
    httparty (0.17.1)
      mime-types (~> 3.0)
      multi_xml (>= 0.5.2)
    json (2.2.0)
    mime-types (3.3)
      mime-types-data (~> 3.2015)
    mime-types-data (3.2019.1009)
    multi_xml (0.6.0)
    rake (12.3.3)

PLATFORMS
  ruby

DEPENDENCIES
  bundler (~> 2.0)
  pdns!
  rake (~> 12.3)

BUNDLED WITH
   2.0.2
